GEM
  remote: https://rubygems.org/
  specs:
    aws-sdk-v1 (1.64.0)
      json (~> 1.4)
      nokogiri (>= 1.4.4)
    fileutils (0.7)
      rmagick (>= 2.13.1)
    json (1.8.2)
    mini_portile (0.6.2)
    nokogiri (1.6.6.2)
      mini_portile (~> 0.6.0)
    rmagick (2.15.0)

PLATFORMS
  ruby

DEPENDENCIES
  aws-sdk-v1
  fileutils
  json
